GIT
  remote: git://github.com/follmann/middleman-favicon-maker.git
  revision: b0cb04ce1cd9bf69488d7ac9c11b06d2e22effc9
  specs:
    middleman-favicon-maker (3.2)
      favicon_maker (~> 0.2.0)
      middleman-core (>= 3.0.0)

GIT
  remote: git://github.com/middleman/middleman-livereload.git
  revision: 2a86d2fb52908be607f409105c3aa4c5ff7f8a09
  specs:
    middleman-livereload (3.0.1)
      em-websocket (>= 0.2.0)
      middleman-core (~> 3.0.2)
      multi_json (~> 1.0)
      rack-livereload

GIT
  remote: git://github.com/middleman/middleman-smusher.git
  revision: ae288059b35a8aa5a0eca0368b2d41431b42154b
  specs:
    middleman-smusher (3.0.0)
      middleman (>= 3.0.0)
      smusher (~> 0.4.9)

GIT
  remote: git://github.com/middleman/middleman-syntax.git
  revision: 153377cb8537cad3de6f6fd1f8d4f69fe3cbe273
  specs:
    middleman-syntax (1.1.1)
      middleman-core (~> 3.0)
      pygments.rb (~> 0.3)

GEM
  remote: http://rubygems.org/
  specs:
    activesupport (3.2.14)
      i18n (~> 0.6, >= 0.6.4)
      multi_json (~> 1.0)
    builder (3.0.4)
    chunky_png (1.2.8)
    coffee-script (2.2.0)
      coffee-script-source
      execjs
    coffee-script-source (1.3.3)
    compass (0.12.2)
      chunky_png (~> 1.2)
      fssm (>= 0.2.7)
      sass (~> 3.1)
    compass-rgbapng (0.1.1)
      chunky_png (>= 0.8.0)
      compass (>= 0.10.0)
    daemons (1.1.9)
    em-websocket (0.5.0)
      eventmachine (>= 0.12.9)
      http_parser.rb (~> 0.5.3)
    eventmachine (1.0.3)
    execjs (1.4.0)
      multi_json (~> 1.0)
    favicon_maker (0.2.1)
      mini_magick (~> 3.5)
    foreman (0.62.0)
      thor (>= 0.13.6)
    fssm (0.2.10)
    haml (4.0.3)
      tilt
    hike (1.2.3)
    http_parser.rb (0.5.3)
    http_router (0.10.2)
      rack (>= 1.0.0)
      url_mount (~> 0.2.1)
    httpclient (2.3.3)
    i18n (0.6.5)
    json (1.7.7)
    listen (0.7.3)
    maruku (0.6.1)
      syntax (>= 1.0.0)
    middleman (3.0.12)
      middleman-core (= 3.0.12)
      middleman-more (= 3.0.12)
      middleman-sprockets (~> 3.0.8)
    middleman-blog (3.1.1)
      maruku (~> 0.6.0)
      middleman-core (~> 3.0.1)
      tzinfo (~> 0.3.0)
    middleman-core (3.0.12)
      activesupport (~> 3.2.6)
      bundler (~> 1.1)
      listen (~> 0.7.3)
      rack (~> 1.4.1)
      rack-test (~> 0.6.1)
      rb-fsevent (~> 0.9.3)
      thor (~> 0.15.4)
      tilt (~> 1.3.1)
    middleman-deploy (0.0.11)
      middleman-core (>= 3.0.0)
      ptools
    middleman-more (3.0.12)
      coffee-script (~> 2.2.0)
      coffee-script-source (~> 1.3.3)
      compass (>= 0.12.2)
      execjs (~> 1.4.0)
      haml (>= 3.1.6)
      i18n (~> 0.6.0)
      maruku (~> 0.6.0)
      middleman-core (= 3.0.12)
      padrino-helpers (= 0.10.7)
      sass (>= 3.1.20)
      uglifier (~> 1.2.6)
    middleman-sprockets (3.0.11)
      middleman-more (>= 3.0.11)
      sprockets (~> 2.1)
      sprockets-sass (~> 0.9.1)
    mini_magick (3.5.0)
      subexec (~> 0.2.1)
    multi_json (1.8.0)
    oj (2.0.10)
    padrino-core (0.10.7)
      activesupport (~> 3.2.0)
      http_router (~> 0.10.2)
      sinatra (~> 1.3.1)
      thor (~> 0.15.2)
      tilt (~> 1.3.0)
    padrino-helpers (0.10.7)
      i18n (~> 0.6)
      padrino-core (= 0.10.7)
    posix-spawn (0.3.6)
    ptools (1.2.2)
    pygments.rb (0.4.2)
      posix-spawn (~> 0.3.6)
      yajl-ruby (~> 1.1.0)
    rack (1.4.5)
    rack-contrib (1.1.0)
      rack (>= 0.9.1)
    rack-livereload (0.3.12)
      rack
    rack-protection (1.5.0)
      rack
    rack-test (0.6.2)
      rack (>= 1.0)
    rake (10.0.4)
    rb-fsevent (0.9.3)
    redcarpet (2.2.2)
    sass (3.2.10)
    sinatra (1.3.6)
      rack (~> 1.4)
      rack-protection (~> 1.3)
      tilt (~> 1.3, >= 1.3.3)
    smusher (0.4.9)
      httpclient (>= 2.2)
      json
      rake
    sprockets (2.10.0)
      hike (~> 1.2)
      multi_json (~> 1.0)
      rack (~> 1.0)
      tilt (~> 1.1, != 1.3.0)
    sprockets-sass (0.9.1)
      sprockets (~> 2.0)
      tilt (~> 1.1)
    subexec (0.2.2)
    syntax (1.0.0)
    thin (1.5.1)
      daemons (>= 1.0.9)
      eventmachine (>= 0.12.6)
      rack (>= 1.0.0)
    thor (0.15.4)
    tilt (1.3.7)
    tzinfo (0.3.37)
    uglifier (1.2.7)
      execjs (>= 0.3.0)
      multi_json (~> 1.3)
    url_mount (0.2.1)
      rack
    yajl-ruby (1.1.0)

PLATFORMS
  ruby

DEPENDENCIES
  builder (~> 3.0.0)
  compass-rgbapng
  foreman
  middleman
  middleman-blog (~> 3.1.1)
  middleman-deploy
  middleman-favicon-maker!
  middleman-livereload!
  middleman-smusher!
  middleman-syntax!
  oj
  pygments.rb
  rack-contrib
  redcarpet
  thin
